{
	"Modality": "MR",
	"MagneticFieldStrength": 3,
	"ImagingFrequency": 127.779,
	"Manufacturer": "Philips",
	"ManufacturersModelName": "Intera",
	"InstitutionName": "OHSU_MRI3",
	"DeviceSerialNumber": "4sEr9bzYud6E",
	"SeriesInstanceUID": "2.16.124.113543.6006.99.2625641065021282736",
	"StudyInstanceUID": "2.16.124.113543.6006.99.02138279453141372709",
	"StudyID": "16374109",
	"PatientName": "002_S_4171",
	"PatientID": "002_S_4171",
	"PatientSex": "M",
	"PatientWeight": 70,
	"BodyPartExamined": "BRAIN",
	"PatientPosition": "HFS",
	"SoftwareVersions": "3.2.1_3.2.1.1",
	"MRAcquisitionType": "3D",
	"SeriesDescription": "MPRAGE",
	"ProtocolName": "MPRAGE_SENSE",
	"ScanningSequence": "GR",
	"SequenceVariant": "MP",
	"ScanOptions": "OTHER",
	"ImageType": ["ORIGINAL", "PRIMARY", "M", "FFE", "M", "FFE"],
	"SeriesNumber": 301,
	"AcquisitionTime": "17:22:19.030000",
	"AcquisitionDateTime": "2011-08-08T17:22:19.030000",
	"AcquisitionNumber": 3,
	"PhilipsRescaleSlope": 3.88376,
	"PhilipsRescaleIntercept": 0,
	"PhilipsScaleSlope": 0.000376449,
	"UsePhilipsFloatNotDisplayScaling": 1,
	"SliceThickness": 1.2,
	"SpacingBetweenSlices": 1.2,
	"SAR": 0.0214957,
	"EchoTime": 0.00316,
	"RepetitionTime": 0.0068054,
	"FlipAngle": 9,
	"CoilString": "SENSE-Head-8",
	"PercentPhaseFOV": 93.75,
	"EchoTrainLength": 240,
	"PhaseEncodingSteps": 256,
	"AcquisitionMatrixPE": 256,
	"ReconMatrixPE": 256,
	"PixelBandwidth": 241,
	"ImageOrientationPatientDICOM": [
		0,
		1,
		0,
		0,
		0,
		-1	],
	"InPlanePhaseEncodingDirectionDICOM": "ROW",
	"ConversionSoftware": "dcm2niix",
	"ConversionSoftwareVersion": "v1.0.20190902"
}
