{
	"Modality": "MR",
	"MagneticFieldStrength": 3,
	"ImagingFrequency": 123.187,
	"Manufacturer": "Siemens",
	"ManufacturersModelName": "Verio",
	"InstitutionName": "000000000",
	"DeviceSerialNumber": "4Ez0p4aPwy5w",
	"SeriesInstanceUID": "2.16.124.113543.6006.99.01247782816617704068",
	"StudyInstanceUID": "2.16.124.113543.6006.99.318743809090265023",
	"StudyID": "0",
	"PatientName": "114_S_2392",
	"PatientID": "114_S_2392",
	"PatientSex": "",
	"PatientWeight": 65.7709,
	"BodyPartExamined": "NR_MRI_BRAIN_WO",
	"PatientPosition": "HFS",
	"SoftwareVersions": "syngo_MR_B19",
	"MRAcquisitionType": "3D",
	"SeriesDescription": "Accelerated_Sagittal_MPRAGE",
	"ProtocolName": "Accelerated_Sagittal_MPRAGE",
	"ScanningSequence": "GR_IR",
	"SequenceVariant": "SP_MP",
	"ScanOptions": "IR",
	"SequenceName": "_tfl3d1_ns",
	"ImageType": ["ORIGINAL", "PRIMARY", "M", "NORM", "DIS3D", "DIS2D"],
	"SeriesNumber": 3,
	"AcquisitionTime": "13:46:6.595000",
	"AcquisitionDateTime": "2017-08-25T13:46:6.595000",
	"AcquisitionNumber": 1,
	"SliceThickness": 1,
	"SAR": 0.0679487,
	"EchoTime": 0.00298,
	"RepetitionTime": 2.3,
	"InversionTime": 0.9,
	"FlipAngle": 9,
	"PartialFourier": 1,
	"BaseResolution": 256,
	"ShimSetting": [
		-2422,
		-10063,
		-14827,
		-32,
		-206,
		-694,
		-218,
		-96	],
	"TxRefAmp": 376.048,
	"PhaseResolution": 1,
	"ReceiveCoilName": "HeadMatrix",
	"PulseSequenceDetails": "%SiemensSeq%_tfl",
	"RefLinesPE": 32,
	"PercentPhaseFOV": 93.75,
	"PhaseEncodingSteps": 239,
	"AcquisitionMatrixPE": 240,
	"ReconMatrixPE": 240,
	"ParallelReductionFactorInPlane": 2,
	"PixelBandwidth": 238,
	"DwellTime": 8.2e-06,
	"ImageOrientationPatientDICOM": [
		0,
		1,
		0,
		0,
		0,
		-1	],
	"InPlanePhaseEncodingDirectionDICOM": "ROW",
	"ConversionSoftware": "dcm2niix",
	"ConversionSoftwareVersion": "v1.0.20190902"
}
