{
	"Modality": "MR",
	"MagneticFieldStrength": 3,
	"ImagingFrequency": 127.779,
	"Manufacturer": "Philips",
	"ManufacturersModelName": "Intera",
	"InstitutionName": "OHSU_MRI3",
	"DeviceSerialNumber": "4sEr9bzYud6E",
	"SeriesInstanceUID": "2.16.124.113543.6006.99.2581679964529665717",
	"StudyInstanceUID": "2.16.124.113543.6006.99.02138279453141372709",
	"StudyID": "16374109",
	"PatientName": "002_S_4171",
	"PatientID": "002_S_4171",
	"PatientSex": "M",
	"PatientWeight": 70,
	"BodyPartExamined": "BRAIN",
	"PatientPosition": "HFS",
	"SoftwareVersions": "3.2.1_3.2.1.1",
	"MRAcquisitionType": "2D",
	"SeriesDescription": "Resting_State_fMRI",
	"ProtocolName": "Resting_State_fMRI",
	"ScanningSequence": "GR",
	"SequenceVariant": "SK",
	"ScanOptions": "FS",
	"ImageType": ["ORIGINAL", "PRIMARY", "M", "FFE", "M", "FFE"],
	"SeriesNumber": 501,
	"AcquisitionTime": "17:41:34.390000",
	"AcquisitionDateTime": "2011-08-08T17:41:34.390000",
	"AcquisitionNumber": 5,
	"PhilipsRescaleSlope": 1.24274,
	"PhilipsRescaleIntercept": 0,
	"PhilipsScaleSlope": 0.000652449,
	"UsePhilipsFloatNotDisplayScaling": 1,
	"SliceThickness": 3.313,
	"SpacingBetweenSlices": 3.313,
	"SAR": 0.0305409,
	"EchoTime": 0.030001,
	"RepetitionTime": 3,
	"FlipAngle": 80,
	"CoilString": "SENSE-Head-8",
	"PartialFourier": 0.936508,
	"PercentPhaseFOV": 93.75,
	"EchoTrainLength": 59,
	"PhaseEncodingSteps": 63,
	"AcquisitionMatrixPE": 63,
	"ReconMatrixPE": 64,
	"PixelBandwidth": 2110,
	"PhaseEncodingAxis": "j",
	"ImageOrientationPatientDICOM": [
		1,
		0,
		0,
		0,
		1,
		0	],
	"InPlanePhaseEncodingDirectionDICOM": "COL",
	"ConversionSoftware": "dcm2niix",
	"ConversionSoftwareVersion": "v1.0.20190902"
}
